GEM
  remote: https://rubygems.org/
  specs:
    alexa_generator (0.3.1)
    alexa_rubykit (1.2.0)
      bundler (~> 1.7)
      rake
    faraday (0.12.0.1)
      multipart-post (>= 1.2, < 3)
    multipart-post (2.0.0)
    rack (1.6.5)
    rack-protection (1.5.3)
      rack
    rake (12.0.0)
    sinatra (1.4.8)
      rack (~> 1.5)
      rack-protection (~> 1.4)
      tilt (>= 1.3, < 3)
    tilt (2.0.7)

PLATFORMS
  ruby

DEPENDENCIES
  alexa_generator
  alexa_rubykit
  faraday
  sinatra

BUNDLED WITH
   1.13.6
